GEM
  remote: http://rubygems.org/
  specs:
    activemodel (5.0.1)
      activesupport (= 5.0.1)
    activerecord (5.0.1)
      activemodel (= 5.0.1)
      activesupport (= 5.0.1)
      arel (~> 7.0)
    activesupport (5.0.1)
      concurrent-ruby (~> 1.0, >= 1.0.2)
      i18n (~> 0.7)
      minitest (~> 5.1)
      tzinfo (~> 1.1)
    addressable (2.4.0)
    arel (7.1.4)
    backports (3.6.8)
    concurrent-ruby (1.0.4)
    coveralls (0.8.17)
      json (>= 1.8, < 3)
      simplecov (~> 0.12.0)
      term-ansicolor (~> 1.3)
      thor (~> 0.19.1)
      tins (~> 1.6)
    docile (1.1.5)
    ethon (0.10.1)
      ffi (>= 1.3.0)
    faraday (0.10.1)
      multipart-post (>= 1.2, < 3)
    faraday_middleware (0.10.1)
      faraday (>= 0.7.4, < 1.0)
    ffi (1.9.14)
    gh (0.15.0)
      addressable (~> 2.4.0)
      backports
      faraday (~> 0.8)
      multi_json (~> 1.0)
      net-http-persistent (~> 2.9)
      net-http-pipeline
    highline (1.7.8)
    httparty (0.14.0)
      multi_xml (>= 0.5.2)
    i18n (0.7.0)
    json (2.0.2)
    kgio (2.11.0)
    launchy (2.4.3)
      addressable (~> 2.3)
    minitest (5.10.1)
    multi_json (1.12.1)
    multi_xml (0.6.0)
    multipart-post (2.0.0)
    net-http-persistent (2.9.4)
    net-http-pipeline (1.0.1)
    octokit (4.6.2)
      sawyer (~> 0.8.0, >= 0.5.3)
    pg (0.19.0)
    pusher-client (0.6.2)
      json
      websocket (~> 1.0)
    rack (1.6.5)
    rack-protection (1.5.3)
      rack
    rack-test (0.6.3)
      rack (>= 1.0)
    raindrops (0.17.0)
    sawyer (0.8.1)
      addressable (>= 2.3.5, < 2.6)
      faraday (~> 0.8, < 1.0)
    simplecov (0.12.0)
      docile (~> 1.1.0)
      json (>= 1.8, < 3)
      simplecov-html (~> 0.10.0)
    simplecov-html (0.10.0)
    sinatra (1.4.8)
      rack (~> 1.5)
      rack-protection (~> 1.4)
      tilt (>= 1.3, < 3)
    sinatra-contrib (1.4.7)
      backports (>= 2.0)
      multi_json
      rack-protection
      rack-test
      sinatra (~> 1.4.0)
      tilt (>= 1.3, < 3)
    term-ansicolor (1.4.0)
      tins (~> 1.0)
    thor (0.19.4)
    thread_safe (0.3.5)
    tilt (2.0.6)
    tins (1.13.0)
    travis (1.8.5)
      backports
      faraday (~> 0.9)
      faraday_middleware (~> 0.9, >= 0.9.1)
      gh (~> 0.13)
      highline (~> 1.6)
      launchy (~> 2.1)
      pusher-client (~> 0.4)
      typhoeus (~> 0.6, >= 0.6.8)
    typhoeus (0.8.0)
      ethon (>= 0.8.0)
    tzinfo (1.2.2)
      thread_safe (~> 0.1)
    unicorn (5.2.0)
      kgio (~> 2.6)
      raindrops (~> 0.7)
    websocket (1.2.3)

PLATFORMS
  ruby

DEPENDENCIES
  activerecord (~> 5.0, >= 5.0.1)
  coveralls (~> 0.8.17)
  httparty (~> 0.14.0)
  json (~> 2.0, >= 2.0.2)
  octokit (~> 4.6, >= 4.6.2)
  pg (~> 0.19.0)
  sinatra (~> 1.4, >= 1.4.8)
  sinatra-contrib (~> 1.4, >= 1.4.7)
  travis (~> 1.8, >= 1.8.5)
  unicorn (~> 5.2)

BUNDLED WITH
   1.14.3
